PATH
  remote: .
  specs:
    store_list_scraper (0.1.1)
      csv
      nokogiri (~> 1.13)
      open-uri

GEM
  remote: https://rubygems.org/
  specs:
    coderay (1.1.3)
    csv (3.2.2)
    date (3.2.2)
    method_source (1.0.0)
    mini_portile2 (2.8.0)
    nokogiri (1.13.3)
      mini_portile2 (~> 2.8.0)
      racc (~> 1.4)
    open-uri (0.2.0)
      stringio
      time
      uri
    pry (0.14.1)
      coderay (~> 1.1)
      method_source (~> 1.0)
    racc (1.6.0)
    rake (13.0.6)
    stringio (3.0.1)
    time (0.2.0)
      date
    uri (0.11.0)

PLATFORMS
  -darwin-20

DEPENDENCIES
  csv
  nokogiri (~> 1.13)
  open-uri
  pry
  rake (~> 13.0)
  store_list_scraper!

BUNDLED WITH
   2.3.8
